GEM
  remote: https://rubygems.org/
  specs:
    addressable (2.5.2)
      public_suffix (>= 2.0.2, < 4.0)
    coderay (1.1.0)
    domain_name (0.5.20170404)
      unf (>= 0.0.5, < 1.0.0)
    faraday (0.9.1)
      multipart-post (>= 1.2, < 3)
    faraday_middleware (0.9.1)
      faraday (>= 0.7.4, < 0.10)
    hashie (3.4.2)
    http (3.0.0)
      addressable (~> 2.3)
      http-cookie (~> 1.0)
      http-form_data (>= 2.0.0.pre.pre2, < 3)
      http_parser.rb (~> 0.6.0)
    http-cookie (1.0.3)
      domain_name (~> 0.5)
    http-form_data (2.0.0)
    http_parser.rb (0.6.0)
    instagram (1.1.5)
      faraday (>= 0.7, < 0.10)
      faraday_middleware (>= 0.8, < 0.10)
      hashie (>= 0.4.0)
      multi_json (~> 1.0, >= 1.0.3)
    json (2.1.0)
    method_source (0.8.2)
    multi_json (1.11.1)
    multipart-post (2.0.0)
    pry (0.10.1)
      coderay (~> 1.1.0)
      method_source (~> 0.8.1)
      slop (~> 3.4)
    pry-nav (0.2.4)
      pry (>= 0.9.10, < 0.11.0)
    public_suffix (3.0.0)
    puma (3.10.0)
    rack (1.6.0)
    rack-protection (1.5.3)
      rack
    simple_oauth (0.2.0)
    sinatra (1.4.6)
      rack (~> 1.4)
      rack-protection (~> 1.4)
      tilt (>= 1.3, < 3)
    slop (3.6.0)
    tilt (2.0.1)
    unf (0.1.4)
      unf_ext
    unf_ext (0.0.7.4)
    yelp (2.0.5)
      faraday (~> 0.8, >= 0.8.0)
      faraday_middleware (~> 0.8, >= 0.8.0)
      simple_oauth (~> 0.2, >= 0.2.0, < 0.3.0)

PLATFORMS
  ruby

DEPENDENCIES
  http
  instagram (~> 1.1)
  json (~> 2.1)
  pry
  pry-nav
  puma (~> 3.8)
  sinatra
  yelp (~> 2.0)

RUBY VERSION
   ruby 2.4.1p111

BUNDLED WITH
   1.16.0
